GEM
  remote: http://rubygems.org/
  specs:
    haml (3.0.25)
    jruby-jars (1.6.7)
    jruby-rack (1.1.4)
    rack (1.2.2)
    rake (0.9.2.2)
    rubyzip (0.9.6.1)
    sinatra (1.2.3)
      rack (~> 1.1)
      tilt (>= 1.2.2, < 2.0)
    tilt (1.2.2)
    warbler (1.3.2)
      jruby-jars (>= 1.4.0)
      jruby-rack (>= 1.0.0)
      rake (>= 0.8.7)
      rubyzip (>= 0.9.4)

PLATFORMS
  java

DEPENDENCIES
  haml
  sinatra
  warbler
