GEM
  remote: http://rubygems.org/
  specs:
    base64 (0.3.0)
    haml (5.2.2)
      temple (>= 0.8.0)
      tilt
    jruby-jars (9.3.4.0)
    jruby-rack (1.1.21)
    logger (1.7.0)
    multi_json (1.15.0)
    mustermann (3.0.4)
      ruby2_keywords (~> 0.0.1)
    rack (3.2.3)
    rack-protection (4.2.0)
      base64 (>= 0.1.0)
      logger (>= 1.6.0)
      rack (>= 3.0.0, < 4)
    rack-session (2.1.1)
      base64 (>= 0.1.0)
      rack (>= 3.0.0)
    rake (13.0.6)
    ruby2_keywords (0.0.5)
    rubyzip (1.3.0)
    sinatra (4.2.0)
      logger (>= 1.6.0)
      mustermann (~> 3.0)
      rack (>= 3.0.0, < 4)
      rack-protection (= 4.2.0)
      rack-session (>= 2.0.0, < 3)
      tilt (~> 2.0)
    sinatra-contrib (4.2.0)
      multi_json (>= 0.0.2)
      mustermann (~> 3.0)
      rack-protection (= 4.2.0)
      sinatra (= 4.2.0)
      tilt (~> 2.0)
    temple (0.8.2)
    tilt (2.6.1)
    warbler (2.0.5)
      jruby-jars (>= 9.0.0.0)
      jruby-rack (>= 1.1.1, < 1.3)
      rake (>= 10.1.0)
      rubyzip (~> 1.0, < 1.4)

PLATFORMS
  java
  x86_64-linux

DEPENDENCIES
  haml
  rake
  sinatra
  sinatra-contrib
  warbler

BUNDLED WITH
   2.0.1
