GEM
  remote: http://rubygems.org/
  specs:
    backports (3.15.0)
    eventmachine (1.2.7-java)
    haml (5.1.2)
      temple (>= 0.8.0)
      tilt
    jruby-jars (9.2.9.0)
    jruby-rack (1.1.21)
    rack (1.6.12)
    rack-protection (1.5.5)
      rack
    rack-test (1.1.0)
      rack (>= 1.0, < 3)
    rake (13.0.1)
    rubyzip (1.3.0)
    sinatra (1.3.6)
      rack (~> 1.4)
      rack-protection (~> 1.3)
      tilt (~> 1.3, >= 1.3.3)
    sinatra-contrib (1.3.2)
      backports (>= 2.0)
      eventmachine
      rack-protection
      rack-test
      sinatra (~> 1.3.0)
      tilt (~> 1.3)
    temple (0.8.2)
    tilt (1.4.1)
    warbler (2.0.5)
      jruby-jars (>= 9.0.0.0)
      jruby-rack (>= 1.1.1, < 1.3)
      rake (>= 10.1.0)
      rubyzip (~> 1.0, < 1.4)

PLATFORMS
  java

DEPENDENCIES
  haml
  rake
  sinatra (~> 1.3.0)
  sinatra-contrib
  warbler

BUNDLED WITH
   2.0.1
